GEM
  remote: http://rubygems.org/
  specs:
    minitest (5.0.7)

PLATFORMS
  ruby

DEPENDENCIES
  minitest
